ObjectType = Image
NDims = 3
BinaryData = True
BinaryDataByteOrderMSB = False
CompressedData = False
TransformMatrix = 1 0 0 0 1 0 0 0 1
Offset = 0 0 0
CenterOfRotation = 0 0 0
AnatomicalOrientation = RAI
ElementSpacing = 0.0117 0.0039 0.123
DimSize = 512 496 97
ElementType = MET_UCHAR
ElementDataFile = bscans_Sequence_OCT_Iowa.raw
